GEM
  remote: http://rubygems.org/
  specs:
    daemons (1.1.9)
    eventmachine (1.0.3)
    haml (4.0.1)
      tilt
    pdfkit (0.5.3)
    rack (1.5.5)
    rack-protection (1.5.0)
      rack
    rdiscount (2.0.7.1)
    sinatra (1.4.2)
      rack (~> 1.5, >= 1.5.2)
      rack-protection (~> 1.4)
      tilt (~> 1.3, >= 1.3.4)
    thin (1.5.0)
      daemons (>= 1.0.9)
      eventmachine (>= 0.12.6)
      rack (>= 1.0.0)
    tilt (1.3.6)
    wkhtmltopdf-binary (0.9.9.1)

PLATFORMS
  ruby

DEPENDENCIES
  haml
  pdfkit
  rdiscount
  sinatra
  thin (= 1.5.0)
  wkhtmltopdf-binary
